PATH
  remote: .
  specs:
    opener-s3-outlet (0.6.0)
      aws-sdk
      builder
      httpclient
      nokogiri
      opener-daemons
      opener-webservice
      sinatra (~> 1.4.2)
      uuidtools

GEM
  remote: https://rubygems.org/
  remote: https://opener:Aek0YeeGup0ceephohcieW0eichiGha2Thoo0lohshunae9emaikeitainooleap@geminabox.olery.com/
  specs:
    aws-sdk (1.36.1)
      json (~> 1.4)
      nokogiri (>= 1.4.4)
      uuidtools (~> 2.1)
    aws-sdk-core (2.0.0.rc6)
      builder (~> 3.0)
      jamespath
      multi_json (~> 1.0)
      multi_xml (~> 0.5)
    builder (3.0.4)
    coderay (1.1.0)
    cucumber (1.3.11)
      builder (>= 2.1.2)
      diff-lcs (>= 1.1.3)
      gherkin (~> 2.12)
      multi_json (>= 1.7.5, < 2.0)
      multi_test (>= 0.0.2)
    diff-lcs (1.2.5)
    ffi (1.9.3)
    ffi (1.9.3-java)
    gherkin (2.12.2)
      multi_json (~> 1.3)
    gherkin (2.12.2-java)
      multi_json (~> 1.3)
    httpclient (2.3.4.1)
    jamespath (0.5.0)
    json (1.8.1)
    method_source (0.8.2)
    mini_portile (0.5.3)
    multi_json (1.9.0)
    multi_test (0.0.3)
    multi_xml (0.5.5)
    nokogiri (1.6.1)
      mini_portile (~> 0.5.0)
    opener-daemons (0.5.0)
      aws-sdk-core
      spoon
    opener-webservice (0.2.1)
      json
      sinatra (~> 1.4.3)
      uuidtools
    pry (0.9.12.6)
      coderay (~> 1.0)
      method_source (~> 0.8)
      slop (~> 3.4)
    pry (0.9.12.6-java)
      coderay (~> 1.0)
      method_source (~> 0.8)
      slop (~> 3.4)
      spoon (~> 0.0)
    rack (1.5.2)
    rack-protection (1.5.3)
      rack
    rake (10.1.1)
    rspec (2.14.1)
      rspec-core (~> 2.14.0)
      rspec-expectations (~> 2.14.0)
      rspec-mocks (~> 2.14.0)
    rspec-core (2.14.8)
    rspec-expectations (2.14.5)
      diff-lcs (>= 1.1.3, < 2.0)
    rspec-mocks (2.14.6)
    sinatra (1.4.5)
      rack (~> 1.4)
      rack-protection (~> 1.4)
      tilt (~> 1.3, >= 1.3.4)
    slop (3.4.7)
    spoon (0.0.4)
      ffi
    tilt (1.4.1)
    uuidtools (2.1.4)

PLATFORMS
  java
  ruby

DEPENDENCIES
  cucumber
  opener-s3-outlet!
  pry
  rake
  rspec
